GEM
  remote: http://rubygems.org/
  specs:
    coderay (1.0.9)
    method_source (0.8.1)
    mysql2 (0.3.11)
    pry (0.9.12)
      coderay (~> 1.0.5)
      method_source (~> 0.8)
      slop (~> 3.4)
    rake (10.0.3)
    riot (0.12.5)
      rr
    rr (1.0.4)
    sequel (3.44.0)
    slop (3.4.3)

PLATFORMS
  ruby

DEPENDENCIES
  mysql2 (~> 0.3.11)
  pry (~> 0.9.12)
  rake
  riot (~> 0.12.5)
  sequel (~> 3.44.0)
