GEM
  remote: http://rubygems.org/
  specs:
    activemodel (3.2.13)
      activesupport (= 3.2.13)
      builder (~> 3.0.0)
    activerecord (3.2.13)
      activemodel (= 3.2.13)
      activesupport (= 3.2.13)
      arel (~> 3.0.2)
      tzinfo (~> 0.3.29)
    activerecord-mysql-adapter (0.0.1)
      activerecord (>= 3.2.9)
      activesupport (>= 3.2.9)
      mysql (>= 2.9.0)
    activesupport (3.2.13)
      i18n (= 0.6.1)
      multi_json (~> 1.0)
    arel (3.0.2)
    builder (3.0.4)
    coderay (1.0.9)
    i18n (0.6.1)
    method_source (0.8.1)
    multi_json (1.6.1)
    mysql (2.9.1)
    mysql2 (0.3.11)
    pry (0.9.12)
      coderay (~> 1.0.5)
      method_source (~> 0.8)
      slop (~> 3.4)
    rake (10.0.3)
    riot (0.12.5)
      rr
    rr (1.0.4)
    sequel (3.44.0)
    slop (3.4.3)
    tzinfo (0.3.37)

PLATFORMS
  ruby

DEPENDENCIES
  activerecord (~> 3.2.13)
  activerecord-mysql-adapter (~> 0.0.1)
  mysql2 (~> 0.3.11)
  pry (~> 0.9.12)
  rake
  riot (~> 0.12.5)
  sequel (~> 3.44.0)
